GEM
  remote: https://rubygems.org/
  specs:
    nio4r (2.5.8)
    puma (5.6.4)
      nio4r (~> 2.0)
    rack (2.1.4)
    rack-unreloader (1.7.0)

PLATFORMS
  ruby

DEPENDENCIES
  puma (>= 4.3.12)
  rack
  rack-unreloader

BUNDLED WITH
   2.1.4
