GEM
  remote: https://rubygems.org/
  specs:
    nio4r (2.7.0)
    puma (6.4.2)
      nio4r (~> 2.0)
    rack (2.1.4.1)
    rack-unreloader (1.7.0)

PLATFORMS
  ruby

DEPENDENCIES
  puma (>= 5.6.8)
  rack
  rack-unreloader

BUNDLED WITH
   2.1.4
